GEM
  remote: https://rubygems.org/
  specs:
    minitest (5.14.4)
    ruby_parser (3.16.0)
      sexp_processor (~> 4.15, >= 4.15.1)
    sexp_processor (4.15.3)

PLATFORMS
  ruby

DEPENDENCIES
  minitest
  ruby_parser
  sexp_processor

BUNDLED WITH
   2.1.4
